GEM
  specs:

PLATFORMS
  ruby
  x86_64-darwin-22

DEPENDENCIES

BUNDLED WITH
   2.5.10
